GEM
  remote: http://rubygems.org/
  specs:
    daemons (1.1.4)
    diff-lcs (1.1.2)
    eventmachine (0.12.10)
    haml (3.0.25)
    json (1.5.3)
    liquid (2.2.2)
    mime-types (1.16)
    rack (1.2.1)
    rack-force_domain (0.2.0)
    rdiscount (1.6.8)
    rest-client (1.6.1)
      mime-types (>= 1.16)
    rspec (2.5.0)
      rspec-core (~> 2.5.0)
      rspec-expectations (~> 2.5.0)
      rspec-mocks (~> 2.5.0)
    rspec-core (2.5.1)
    rspec-expectations (2.5.0)
      diff-lcs (~> 1.1.2)
    rspec-mocks (2.5.0)
    sinatra (1.1.2)
      rack (~> 1.1)
      tilt (~> 1.2)
    thin (1.2.11)
      daemons (>= 1.0.9)
      eventmachine (>= 0.12.6)
      rack (>= 1.0.0)
    tilt (1.2.2)

PLATFORMS
  ruby

DEPENDENCIES
  haml (= 3.0.25)
  json
  liquid
  rack-force_domain (~> 0.2.0)
  rdiscount (= 1.6.8)
  rest-client
  rspec
  sinatra (= 1.1.2)
  thin
