GEM
  remote: http://rubygems.org/
  specs:
    liquid (2.2.2)
    rack (1.2.1)
    sinatra (1.1.2)
      rack (~> 1.1)
      tilt (~> 1.2)
    tilt (1.2.2)

PLATFORMS
  ruby

DEPENDENCIES
  liquid (= 2.2.2)
  sinatra (= 1.1.2)
